GEM
  remote: http://rubygems.org/
  specs:
    addressable (2.2.6)
    haml (3.1.2)
    heroku (2.7.0)
      launchy (>= 0.3.2)
      rest-client (~> 1.6.1)
      rubyzip
      term-ansicolor (~> 1.0.5)
    launchy (2.0.5)
      addressable (~> 2.2.6)
    macaddr (1.4.0)
      systemu (~> 2.2.0)
    mime-types (1.16)
    rack (1.3.2)
    rest-client (1.6.7)
      mime-types (>= 1.16)
    rubyzip (0.9.4)
    sinatra (1.2.6)
      rack (~> 1.1)
      tilt (>= 1.2.2, < 2.0)
    systemu (2.2.0)
    term-ansicolor (1.0.6)
    tilt (1.3.2)
    uuid (2.3.4)
      macaddr (~> 1.0)

PLATFORMS
  ruby

DEPENDENCIES
  haml
  heroku
  sinatra
  uuid
