GEM
  remote: http://rubygems.org/
  specs:
    archive-tar-minitar (0.5.2)
    builder (3.0.0)
    childprocess (0.2.1)
      ffi (~> 1.0.6)
    columnize (0.3.4)
    cucumber (1.0.2)
      builder (>= 2.1.2)
      diff-lcs (>= 1.1.2)
      gherkin (~> 2.4.5)
      json (>= 1.4.6)
      term-ansicolor (>= 1.0.5)
    diff-lcs (1.1.2)
    ffi (1.0.9)
    gherkin (2.4.6)
      json (>= 1.4.6)
    json (1.5.3)
    json_pure (1.5.3)
    linecache19 (0.5.12)
      ruby_core_source (>= 0.1.4)
    macaddr (1.4.0)
      systemu (~> 2.2.0)
    rake (0.9.2)
    rspec (2.6.0)
      rspec-core (~> 2.6.0)
      rspec-expectations (~> 2.6.0)
      rspec-mocks (~> 2.6.0)
    rspec-core (2.6.4)
    rspec-expectations (2.6.0)
      diff-lcs (~> 1.1.2)
    rspec-mocks (2.6.0)
    ruby-debug-base19 (0.11.25)
      columnize (>= 0.3.1)
      linecache19 (>= 0.5.11)
      ruby_core_source (>= 0.1.4)
    ruby-debug-base19x (0.11.29)
      columnize (>= 0.3.1)
      linecache19 (>= 0.5.11)
      rake (>= 0.8.1)
      ruby_core_source (>= 0.1.4)
    ruby-debug-ide19 (0.4.12)
      ruby-debug-base19 (~> 0.11.20)
    ruby-debug19 (0.11.6)
      columnize (>= 0.3.1)
      linecache19 (>= 0.5.11)
      ruby-debug-base19 (>= 0.11.19)
    ruby_core_source (0.1.5)
      archive-tar-minitar (>= 0.5.2)
    rubyzip (0.9.4)
    selenium-webdriver (2.4.0)
      childprocess (>= 0.2.1)
      ffi (>= 1.0.7)
      json_pure
      rubyzip
    systemu (2.2.0)
    term-ansicolor (1.0.6)
    uuid (2.3.4)
      macaddr (~> 1.0)
    watir-webdriver (0.3.1)
      selenium-webdriver (>= 0.2.2)

PLATFORMS
  ruby

DEPENDENCIES
  cucumber
  rspec
  ruby-debug-base19x
  ruby-debug-ide19
  ruby-debug19
  uuid
  watir-webdriver
